PATH
  remote: .
  specs:
    soap5r (1.5.8)
      httpclient (>= 2.1.1)

GEM
  remote: https://rubygems.org/
  specs:
    bump (0.4.2)
    httpclient (2.3.4.1)
    rake (10.1.0)

PLATFORMS
  ruby

DEPENDENCIES
  bump
  rake
  soap5r!
